GEM
  remote: https://rubygems.org/
  specs:
    bond (0.5.1)
    czmq-ffi-gen (0.13.0)
      ffi (~> 1.9.10)
    cztop (0.12.2)
      czmq-ffi-gen (~> 0.13.0)
    data_uri (0.1.0)
    ffi (1.9.18)
    httparty (0.15.6)
      multi_xml (>= 0.5.2)
    iruby (0.3)
      bond (~> 0.5)
      data_uri (~> 0.1)
      mimemagic (~> 0.3)
      multi_json (~> 1.11)
    mimemagic (0.3.2)
    mini_portile2 (2.3.0)
    multi_json (1.12.2)
    multi_xml (0.6.0)
    nokogiri (1.8.1)
      mini_portile2 (~> 2.3.0)
    rbczmq (1.7.9)

PLATFORMS
  ruby

DEPENDENCIES
  cztop
  httparty
  iruby
  nokogiri
  rbczmq

RUBY VERSION
   ruby 2.5.0p0

BUNDLED WITH
   1.16.1
